GEM
  remote: https://rubygems.org/
  specs:
    ast (2.4.2)
    colorize (0.8.1)
    diff-lcs (1.4.4)
    jaro_winkler (1.5.4)
    parallel (1.20.1)
    parser (3.0.0.0)
      ast (~> 2.4.1)
    rainbow (3.0.0)
    rexml (3.2.4)
    rspec (3.10.0)
      rspec-core (~> 3.10.0)
      rspec-expectations (~> 3.10.0)
      rspec-mocks (~> 3.10.0)
    rspec-core (3.10.1)
      rspec-support (~> 3.10.0)
    rspec-expectations (3.10.1)
      diff-lcs (>= 1.2.0, < 2.0)
      rspec-support (~> 3.10.0)
    rspec-mocks (3.10.2)
      diff-lcs (>= 1.2.0, < 2.0)
      rspec-support (~> 3.10.0)
    rspec-support (3.10.2)
    rubocop (0.81.0)
      jaro_winkler (~> 1.5.1)
      parallel (~> 1.10)
      parser (>= 2.7.0.1)
      rainbow (>= 2.2.2, < 4.0)
      rexml
      ruby-progressbar (~> 1.7)
      unicode-display_width (>= 1.4.0, < 2.0)
    ruby-progressbar (1.11.0)
    unicode-display_width (1.7.0)

PLATFORMS
  universal-darwin-20

DEPENDENCIES
  bundler (~> 2.2, >= 2.2.9)
  colorize (~> 0.8.1)
  rspec (~> 3.10)
  rubocop (~> 0.81.0)

BUNDLED WITH
   2.2.9
